GEM
  remote: https://rubygems.org/
  specs:
    autoprefixer-rails (8.3.0)
      execjs
    execjs (2.7.0)
    ffi (1.9.23)
    json (2.1.0)
    materialize-sass (1.0.0.beta)
      autoprefixer-rails (>= 6.0.3)
      sass (>= 3.5.2)
    mustermann (1.0.2)
    rack (2.0.5)
    rack-protection (2.0.2)
      rack
    rb-fsevent (0.10.3)
    rb-inotify (0.9.10)
      ffi (>= 0.5.0, < 2)
    ruby_http_client (3.3.0)
    sass (3.5.6)
      sass-listen (~> 4.0.0)
    sass-listen (4.0.0)
      rb-fsevent (~> 0.9, >= 0.9.4)
      rb-inotify (~> 0.9, >= 0.9.7)
    sendgrid-ruby (5.2.0)
      ruby_http_client (~> 3.2)
      sinatra (>= 1.4.7, < 3)
    sinatra (2.0.2)
      mustermann (~> 1.0)
      rack (~> 2.0)
      rack-protection (= 2.0.2)
      tilt (~> 2.0)
    tilt (2.0.8)

PLATFORMS
  ruby

DEPENDENCIES
  json!
  materialize-sass (~> 1.0.0.beta)!
  sendgrid-ruby!
  sinatra (~> 2.0.2)!

BUNDLED WITH
   1.16.1
